GEM
  remote: http://rubygems.org/
  specs:
    builder (3.2.2)
    excon (0.22.1)
    faraday (0.8.7)
      multipart-post (~> 1.1)
    httpauth (0.2.0)
    json (1.8.0)
    jwt (0.1.8)
      multi_json (>= 1.5)
    multi_json (1.7.7)
    multi_xml (0.5.4)
    multipart-post (1.2.0)
    nokogiri (1.5.10)
    oauth (0.4.7)
    oauth2 (0.9.1)
      faraday (~> 0.8)
      httpauth (~> 0.1)
      jwt (~> 0.1.4)
      multi_json (~> 1.0)
      multi_xml (~> 0.5)
      rack (~> 1.2)
    rack (1.5.2)
    simple_oauth (0.2.0)
    youtube_it (2.3.1)
      builder
      excon (~> 0.22.1)
      faraday (~> 0.8)
      json (~> 1.8.0)
      nokogiri (~> 1.5.2)
      oauth (~> 0.4.4)
      oauth2 (~> 0.6)
      simple_oauth (>= 0.1.5)

PLATFORMS
  ruby

DEPENDENCIES
  youtube_it
